GEM
  remote: https://rubygems.org/
  specs:
    json (1.8.1)
    mini_portile2 (2.6.1)
    newrelic_plugin (1.3.1)
      json
    nokogiri (1.12.5)
      mini_portile2 (~> 2.6.1)
      racc (~> 1.4)
    racc (1.6.0)
    rake (10.1.1)
    test-unit (2.5.5)

PLATFORMS
  ruby

DEPENDENCIES
  newrelic_plugin
  nokogiri
  rake
  test-unit
